GIT
  remote: git://github.com/atotic/delayed_job_sequel.git
  revision: ff60dfc8834da58e6aeaf0ad787921de46489550
  specs:
    delayed_job_sequel (0.2.0)
      activesupport (>= 3.0.0)
      delayed_job (> 2.1)
      i18n
      sequel

GIT
  remote: git@github.com:atotic/rack.git
  revision: 81d266b8137afbb21faa0c98d827139dcf0b737b
  branch: rack-1.5
  specs:
    rack (1.5.2)

GEM
  remote: https://rubygems.org/
  specs:
    activesupport (3.2.14)
      i18n (~> 0.6, >= 0.6.4)
      multi_json (~> 1.0)
    addressable (2.3.5)
    byebug (1.8.2)
      columnize (~> 0.3.6)
      debugger-linecache (~> 1.2.0)
    columnize (0.3.6)
    commonjs (0.2.6)
    cookiejar (0.3.0)
    css_parser (1.3.5)
      addressable
    daemons (1.1.9)
    debugger-linecache (1.2.0)
    delayed_job (3.0.5)
      activesupport (~> 3.0)
    em-http-request (1.1.0)
      addressable (>= 2.3.4)
      cookiejar
      em-socksify (>= 0.3)
      eventmachine (>= 1.0.3)
      http_parser.rb (>= 0.6.0.beta.2)
    em-socksify (0.3.0)
      eventmachine (>= 1.0.0.beta.4)
    eventmachine (1.0.3)
    faraday (0.8.8)
      multipart-post (~> 1.2.0)
    filesize (0.0.2)
    growl (1.0.3)
    hashie (2.0.5)
    http_parser.rb (0.6.0.beta.2)
    httpauth (0.2.0)
    i18n (0.6.5)
    json (1.8.0)
    jwt (0.1.8)
      multi_json (>= 1.5)
    less (2.3.3)
      commonjs (~> 0.2.6)
    libv8 (3.16.14.3)
    log4r (1.1.10)
    mail (2.5.4)
      mime-types (~> 1.16)
      treetop (~> 1.4.8)
    mime-types (1.24)
    mini_portile (0.5.1)
    multi_json (1.7.9)
    multipart-post (1.2.0)
    nokogiri (1.6.0)
      mini_portile (~> 0.5.0)
    oauth2 (0.8.1)
      faraday (~> 0.8)
      httpauth (~> 0.1)
      jwt (~> 0.1.4)
      multi_json (~> 1.0)
      rack (~> 1.2)
    omniauth (1.1.4)
      hashie (>= 1.2, < 3)
      rack
    omniauth-facebook (1.4.1)
      omniauth-oauth2 (~> 1.1.0)
    omniauth-google-oauth2 (0.2.1)
      omniauth (~> 1.0)
      omniauth-oauth2
    omniauth-oauth2 (1.1.1)
      oauth2 (~> 0.8.0)
      omniauth (~> 1.0)
    pg (0.16.0)
    polyglot (0.3.3)
    pony (1.5)
      mail (> 2.0)
    rack-flash3 (1.0.3)
      rack
      rack
    rack-protection (1.5.0)
      rack
    rack-test (0.6.2)
      rack (>= 1.0)
    rake (10.1.0)
    ref (1.0.5)
    sequel (4.1.1)
    sinatra (1.4.3)
      rack (~> 1.4)
      rack-protection (~> 1.4)
      tilt (~> 1.3, >= 1.3.4)
    therubyracer (0.12.0)
      libv8 (~> 3.16.14.0)
      ref
    thin (1.5.1)
      daemons (>= 1.0.9)
      eventmachine (>= 0.12.6)
      rack (>= 1.0.0)
    tilt (1.4.1)
    treetop (1.4.15)
      polyglot
      polyglot (>= 0.3.1)

PLATFORMS
  ruby

DEPENDENCIES
  byebug
  css_parser
  daemons
  delayed_job (~> 3.0)
  delayed_job_sequel!
  em-http-request
  filesize
  growl
  json
  less
  log4r
  nokogiri
  omniauth-facebook
  omniauth-google-oauth2
  pg
  pony
  rack!
  rack-flash3
  rack-test
  rake
  sequel
  sinatra
  therubyracer
  thin
