GIT
  remote: git://github.com/atotic/delayed_job_sequel.git
  revision: ff60dfc8834da58e6aeaf0ad787921de46489550
  specs:
    delayed_job_sequel (0.2.0)
      activesupport (>= 3.0.0)
      delayed_job (> 2.1)
      i18n
      sequel

GEM
  remote: http://rubygems.org/
  specs:
    activesupport (3.2.12)
      i18n (~> 0.6)
      multi_json (~> 1.0)
    addressable (2.3.4)
    columnize (0.3.6)
    commonjs (0.2.6)
    cookiejar (0.3.0)
    css_parser (1.3.4)
      addressable
    daemons (1.1.9)
    debugger (1.6.0)
      columnize (>= 0.3.1)
      debugger-linecache (~> 1.2.0)
      debugger-ruby_core_source (~> 1.2.1)
    debugger-linecache (1.2.0)
    debugger-ruby_core_source (1.2.2)
    delayed_job (3.0.5)
      activesupport (~> 3.0)
    em-http-request (1.0.3)
      addressable (>= 2.2.3)
      cookiejar
      em-socksify
      eventmachine (>= 1.0.0.beta.4)
      http_parser.rb (>= 0.5.3)
    em-socksify (0.2.1)
      eventmachine (>= 1.0.0.beta.4)
    eventmachine (1.0.3)
    faraday (0.8.7)
      multipart-post (~> 1.1)
    growl (1.0.3)
    hashie (2.0.5)
    http_parser.rb (0.5.3)
    httpauth (0.2.0)
    i18n (0.6.4)
    json (1.8.0)
    jwt (0.1.8)
      multi_json (>= 1.5)
    less (2.3.2)
      commonjs (~> 0.2.6)
    libv8 (3.11.8.17)
    linecache (0.46)
      rbx-require-relative (> 0.0.4)
    log4r (1.1.10)
    mail (2.5.4)
      mime-types (~> 1.16)
      treetop (~> 1.4.8)
    mime-types (1.23)
    multi_json (1.7.3)
    multipart-post (1.2.0)
    mysql2 (0.3.11)
    nokogiri (1.5.9)
    oauth2 (0.8.1)
      faraday (~> 0.8)
      httpauth (~> 0.1)
      jwt (~> 0.1.4)
      multi_json (~> 1.0)
      rack (~> 1.2)
    omniauth (1.1.4)
      hashie (>= 1.2, < 3)
      rack
    omniauth-facebook (1.4.1)
      omniauth-oauth2 (~> 1.1.0)
    omniauth-google-oauth2 (0.1.17)
      omniauth (~> 1.0)
      omniauth-oauth2
    omniauth-oauth2 (1.1.1)
      oauth2 (~> 0.8.0)
      omniauth (~> 1.0)
    polyglot (0.3.3)
    pony (1.4.1)
      mail (> 2.0)
    rack (1.5.2)
    rack-flash3 (1.0.3)
      rack
    rack-protection (1.5.0)
      rack
    rack-test (0.6.2)
      rack (>= 1.0)
    rake (10.0.4)
    rbx-require-relative (0.0.9)
    ref (1.0.5)
    ruby-debug (0.10.4)
      columnize (>= 0.1)
      ruby-debug-base (~> 0.10.4.0)
    ruby-debug-base (0.10.4)
      linecache (>= 0.3)
    sequel (3.47.0)
    sinatra (1.4.2)
      rack (~> 1.5, >= 1.5.2)
      rack-protection (~> 1.4)
      tilt (~> 1.3, >= 1.3.4)
    therubyracer (0.11.4)
      libv8 (~> 3.11.8.12)
      ref
    thin (1.5.1)
      daemons (>= 1.0.9)
      eventmachine (>= 0.12.6)
      rack (>= 1.0.0)
    tilt (1.4.1)
    treetop (1.4.12)
      polyglot
      polyglot (>= 0.3.1)

PLATFORMS
  ruby

DEPENDENCIES
  css_parser
  daemons
  debugger
  delayed_job (~> 3.0)
  delayed_job_sequel!
  em-http-request
  growl
  json
  less
  log4r
  mysql2
  nokogiri
  omniauth-facebook
  omniauth-google-oauth2
  pony
  rack
  rack-flash3
  rack-test
  rake
  ruby-debug
  sequel
  sinatra
  therubyracer
  thin
