GIT
  remote: git://github.com/ChrisCauser/rack-flash.git
  revision: d8fd1d2c0b176d04bcb904a22cd84debe85f2061
  specs:
    rack-flash (0.1.2)
      rack

GIT
  remote: git://github.com/atotic/delayed_job_sequel.git
  revision: cf8865e9eaae69d1029c168e9ea71fa40a7e5f13
  specs:
    delayed_job_sequel (0.2.0)
      activesupport (>= 3.0.0)
      delayed_job (> 2.1)
      i18n
      sequel

GEM
  remote: http://rubygems.org/
  specs:
    activesupport (3.2.2)
      i18n (~> 0.6)
      multi_json (~> 1.0)
    addressable (2.2.7)
    columnize (0.3.6)
    css_parser (1.2.6)
      addressable
      rdoc
    daemons (1.1.8)
    delayed_job (3.0.1)
      activesupport (~> 3.0)
    eventmachine (0.12.10)
    growl (1.0.3)
    i18n (0.6.0)
    json (1.6.5)
    linecache (0.46)
      rbx-require-relative (> 0.0.4)
    log4r (1.1.10)
    multi_json (1.1.0)
    mysql2 (0.3.11)
    nokogiri (1.5.2)
    rack (1.4.1)
    rack-protection (1.2.0)
      rack
    rack-test (0.6.1)
      rack (>= 1.0)
    rake (0.9.2.2)
    rbx-require-relative (0.0.9)
    rdoc (3.12)
      json (~> 1.4)
    ruby-debug (0.10.4)
      columnize (>= 0.1)
      ruby-debug-base (~> 0.10.4.0)
    ruby-debug-base (0.10.4)
      linecache (>= 0.3)
    sequel (3.33.0)
    sfl (2.1)
    sinatra (1.3.2)
      rack (~> 1.3, >= 1.3.6)
      rack-protection (~> 1.2)
      tilt (~> 1.3, >= 1.3.3)
    thin (1.3.1)
      daemons (>= 1.0.9)
      eventmachine (>= 0.12.6)
      rack (>= 1.0.0)
    tilt (1.3.3)
    trollop (1.16.2)
    wkpdf (0.6.2)
      trollop (>= 1.16.2)

PLATFORMS
  ruby

DEPENDENCIES
  css_parser
  daemons
  delayed_job (~> 3.0)
  delayed_job_sequel!
  growl
  json
  log4r
  mysql2
  nokogiri
  rack
  rack-flash!
  rack-test
  rake
  ruby-debug
  sequel
  sfl
  sinatra
  thin
  wkpdf
